GEM
  remote: http://rubygems.org/
  specs:
    asdf (0.5.0)
      rack (~> 1.2.1)
    awesome_print (1.1.0)
    rack (1.2.5)

PLATFORMS
  ruby

DEPENDENCIES
  asdf
  awesome_print
